GEM
  remote: http://rubygems.org/
  specs:
    addressable (2.4.0)
    builder (3.2.2)
    celluloid (0.16.0)
      timers (~> 4.0.0)
    childprocess (0.5.9)
      ffi (~> 1.0, >= 1.0.11)
    coderay (1.1.1)
    diff-lcs (1.1.3)
    facets (3.0.0)
    faraday (0.8.11)
      multipart-post (~> 1.2.0)
    fattr (2.3.0)
    ffi (1.9.10)
    formatador (0.2.5)
    git (1.3.0)
    github_api (0.10.1)
      addressable
      faraday (~> 0.8.1)
      hashie (>= 1.2)
      multi_json (~> 1.4)
      nokogiri (~> 1.5.2)
      oauth2
    guard (2.6.1)
      formatador (>= 0.2.4)
      listen (~> 2.7)
      lumberjack (~> 1.0)
      pry (>= 0.9.12)
      thor (>= 0.18.1)
    guard-compat (1.2.1)
    guard-rspec (1.2.2)
      guard (>= 1.1)
    guard-spork (2.1.0)
      childprocess (>= 0.2.3)
      guard (~> 2.0)
      guard-compat (~> 1.0)
      spork (>= 0.8.4)
    hashie (3.4.4)
    highline (1.7.8)
    hitimes (1.2.4)
    jeweler (1.8.8)
      builder
      bundler (~> 1.0)
      git (>= 1.2.5)
      github_api (= 0.10.1)
      highline (>= 1.6.15)
      nokogiri (= 1.5.10)
      rake
      rdoc
    json (1.8.3)
    jwt (1.5.1)
    listen (2.10.1)
      celluloid (~> 0.16.0)
      rb-fsevent (>= 0.9.3)
      rb-inotify (>= 0.9)
    lre (0.3.1)
      fattr
      mharris_ext
      watchr
    lumberjack (1.0.10)
    method_source (0.8.2)
    mharris_ext (1.7.1)
      facets
      fattr
    multi_json (1.12.0)
    multi_xml (0.5.5)
    multipart-post (1.2.0)
    nokogiri (1.5.10)
    oauth2 (1.1.0)
      faraday (>= 0.8, < 0.10)
      jwt (~> 1.0, < 1.5.2)
      multi_json (~> 1.3)
      multi_xml (~> 0.5)
      rack (>= 1.2, < 3)
    pry (0.10.3)
      coderay (~> 1.1.0)
      method_source (~> 0.8.1)
      slop (~> 3.4)
    rack (1.6.4)
    rake (11.1.2)
    rb-fsevent (0.9.7)
    rb-inotify (0.9.7)
      ffi (>= 0.5.0)
    rdoc (3.12.2)
      json (~> 1.4)
    rfuse (1.1.1.RC0)
    rfusefs (1.0.3)
      rfuse (~> 1.1)
    rr (1.1.2)
    rspec (2.8.0)
      rspec-core (~> 2.8.0)
      rspec-expectations (~> 2.8.0)
      rspec-mocks (~> 2.8.0)
    rspec-core (2.8.0)
    rspec-expectations (2.8.0)
      diff-lcs (~> 1.1.2)
    rspec-mocks (2.8.0)
    slop (3.6.0)
    spork (0.9.2)
    thor (0.19.1)
    timers (4.0.4)
      hitimes
    watchr (0.7)

PLATFORMS
  ruby

DEPENDENCIES
  bundler (>= 1.0.0)
  guard
  guard-rspec
  guard-spork
  jeweler (~> 1.8.4)
  lre
  mharris_ext
  rb-fsevent (~> 0.9)
  rdoc (~> 3.12)
  rfusefs
  rr
  rspec (~> 2.8.0)

RUBY VERSION
   ruby 2.3.1p112

BUNDLED WITH
   1.12.2
